GEM
  remote: https://rubygems.org/
  specs:
    directory_watcher (1.4.1)
    kramdown (1.8.0)
    mini_portile2 (2.3.0)
    mustache (0.99.8)
    nokogiri (1.8.1)
      mini_portile2 (~> 2.3.0)
    psych (1.3.4)
    rack (1.6.4)
    redcarpet (2.3.0)
    ruhoh (2.6)
      directory_watcher (~> 1.4.0)
      mustache (~> 0.99)
      nokogiri (~> 1.5)
      rack (~> 1.4)
      redcarpet (~> 2.1)

PLATFORMS
  ruby

DEPENDENCIES
  kramdown
  nokogiri (~> 1.8.1)
  psych (~> 1.3)
  ruhoh (~> 2.6)

BUNDLED WITH
   1.16.0
